GIT
  remote: git://github.com/intridea/grape-entity.git
  revision: 9bf8464266784c830bc114b0b948541e41d959df
  specs:
    grape-entity (0.3.0)
      activesupport
      multi_json (>= 1.3.2)

GIT
  remote: git://github.com/intridea/grape.git
  revision: 0ecc1a177c34c6aa96ecab305c691e22cb3f8b1c
  specs:
    grape (0.6.0)
      activesupport
      builder
      hashie (>= 1.2.0)
      multi_json (>= 1.3.2)
      multi_xml (>= 0.5.2)
      rack (>= 1.3.0)
      rack-accept
      rack-mount
      virtus

GEM
  remote: http://rubygems.org/
  specs:
    activesupport (4.0.0)
      i18n (~> 0.6, >= 0.6.4)
      minitest (~> 4.2)
      multi_json (~> 1.3)
      thread_safe (~> 0.1)
      tzinfo (~> 0.3.37)
    atomic (1.1.14)
    axlsx (2.0.0)
      htmlentities (~> 4.3.1)
      nokogiri (>= 1.4.1)
      rubyzip (= 0.9.9)
    backports (3.3.4)
    builder (3.2.2)
    capybara (2.1.0)
      mime-types (>= 1.16)
      nokogiri (>= 1.3.3)
      rack (>= 1.0.0)
      rack-test (>= 0.5.4)
      xpath (~> 2.0)
    childprocess (0.3.9)
      ffi (~> 1.0, >= 1.0.11)
    coderay (1.0.8)
    descendants_tracker (0.0.1)
    diff-lcs (1.2.4)
    ffi (1.8.1)
    grape-swagger (0.6.0)
      grape (>= 0.2.0)
      kramdown
    growl (1.0.3)
    guard (1.6.2)
      listen (>= 0.6.0)
      lumberjack (>= 1.0.2)
      pry (>= 0.9.10)
      terminal-table (>= 1.4.3)
      thor (>= 0.14.6)
    guard-bundler (1.0.0)
      bundler (~> 1.0)
      guard (~> 1.1)
    guard-rack (1.2.2)
      growl (~> 1.0.3)
      guard (~> 1.1)
      rb-fsevent (>= 0.3.9)
    hashie (2.0.5)
    htmlentities (4.3.1)
    i18n (0.6.5)
    json (1.7.7)
    kramdown (1.0.2)
    listen (0.7.2)
    lumberjack (1.0.2)
    method_source (0.8.1)
    mime-types (1.23)
    minitest (4.7.5)
    multi_json (1.7.4)
    multi_xml (0.5.5)
    newrelic-grape (1.1.0)
      grape
      newrelic_rpm
    newrelic_rpm (3.5.4.34)
    nokogiri (1.5.9)
    pry (0.9.11.4)
      coderay (~> 1.0.5)
      method_source (~> 0.8)
      slop (~> 3.4)
    rack (1.4.5)
    rack-accept (0.4.5)
      rack (>= 0.4)
    rack-cors (0.2.8)
      rack
    rack-mount (0.8.3)
      rack (>= 1.0.0)
    rack-test (0.6.2)
      rack (>= 1.0)
    rake (10.0.3)
    rb-fsevent (0.9.3)
    rspec (2.13.0)
      rspec-core (~> 2.13.0)
      rspec-expectations (~> 2.13.0)
      rspec-mocks (~> 2.13.0)
    rspec-core (2.13.1)
    rspec-expectations (2.13.0)
      diff-lcs (>= 1.1.3, < 2.0)
    rspec-mocks (2.13.1)
    rubyzip (0.9.9)
    selenium-webdriver (2.32.1)
      childprocess (>= 0.2.5)
      multi_json (~> 1.0)
      rubyzip
      websocket (~> 1.0.4)
    slop (3.4.3)
    terminal-table (1.4.5)
    thor (0.17.0)
    thread_safe (0.1.3)
      atomic
    tzinfo (0.3.37)
    virtus (0.5.5)
      backports (~> 3.3)
      descendants_tracker (~> 0.0.1)
    websocket (1.0.7)
    xpath (2.0.0)
      nokogiri (~> 1.3)

PLATFORMS
  ruby

DEPENDENCIES
  axlsx
  capybara (= 2.1.0)
  grape!
  grape-entity!
  grape-swagger (~> 0.6.0)
  guard (~> 1.6.1)
  guard-bundler (~> 1.0.0)
  guard-rack (~> 1.2.2)
  json (~> 1.7.7)
  newrelic-grape (~> 1.1.0)
  newrelic_rpm (~> 3.5.4.34)
  rack (~> 1.4.1)
  rack-cors (~> 0.2.8)
  rack-test (~> 0.6.2)
  rake (~> 10.0.3)
  rspec (~> 2.13.0)
  selenium-webdriver (= 2.32.1)
